GEM
  remote: https://rubygems.org/
  specs:
    nio4r (2.7.4)
    puma (6.6.0)
      nio4r (~> 2.0)
    rack (3.1.16)
    rackup (2.2.1)
      rack (>= 3)

PLATFORMS
  ruby

DEPENDENCIES
  puma
  rack
  rackup

RUBY VERSION
   ruby 3.4.4p34

BUNDLED WITH
   2.6.8
