GEM
  remote: https://rubygems.org/
  specs:
    rack (2.2.6.2)

PLATFORMS
  ruby

DEPENDENCIES
  rack

RUBY VERSION
   ruby 3.1.2p20

BUNDLED WITH
   2.3.7
