GEM
  remote: https://rubygems.org/
  specs:
    rack (1.6.12)

PLATFORMS
  ruby

DEPENDENCIES
  rack

RUBY VERSION
   ruby 2.6.5p114

BUNDLED WITH
   2.0.2
